GIT
  remote: git://github.com/bmaddy/shoulda.git
  revision: 46e70f6ef56b67b7712e23673a1beb63215f8dd5
  branch: rails3
  specs:
    shoulda (2.10.3)

GIT
  remote: git://github.com/kookster/activemessaging.git
  revision: 1c9e1ce5e7cc70e47937562bcc403557d70e6c30
  specs:
    activemessaging (0.9.0)
      activesupport (>= 1.0.0)

GIT
  remote: git://github.com/smartinez87/exception_notification.git
  revision: 63d9d483fab05340dd5392269c3a6f5b08721267
  specs:
    exception_notification (2.5.2)
      actionmailer (>= 3.0.4)

GIT
  remote: git://github.com/thoughtbot/paperclip.git
  revision: 0efa3843164158df669497e6f12ce5a80ea368f1
  specs:
    paperclip (2.7.0)
      activerecord (>= 2.3.0)
      activesupport (>= 2.3.2)
      cocaine (>= 0.0.2)
      mime-types

GIT
  remote: git://github.com/water/gash.git
  revision: 88aac385b7eb28b2832d10f193baa321af08c398
  specs:
    gash (0.1.4)
      open4 (>= 0.9.6)

GIT
  remote: git://github.com/water/grit.git
  revision: 23c087fd7354117e9326ad9824c47fcc75e54935
  specs:
    grit (1.0.3)
      diff-lcs (>= 1.1.2)
      mime-types (>= 1.15)

GIT
  remote: git://github.com/water/localized_dates.git
  revision: c7fdfa02305b0858cf0494c3e2aa5ee79c74defb
  specs:
    localized_dates (0.0.1)

GIT
  remote: git://github.com/water/spork-testunit.git
  revision: e69586f17af4f7497c862bb663fa0d53ffa746a9
  specs:
    spork-testunit (0.0.8)
      spork (>= 0.6.0)

GEM
  remote: http://rubygems.org/
  specs:
    actionmailer (3.2.2)
      actionpack (= 3.2.2)
      mail (~> 2.4.0)
    actionpack (3.2.2)
      activemodel (= 3.2.2)
      activesupport (= 3.2.2)
      builder (~> 3.0.0)
      erubis (~> 2.7.0)
      journey (~> 1.0.1)
      rack (~> 1.4.0)
      rack-cache (~> 1.1)
      rack-test (~> 0.6.1)
      sprockets (~> 2.1.2)
    active_attr (0.4.1)
      activemodel (~> 3.1)
      activesupport (~> 3.1)
    activemodel (3.2.2)
      activesupport (= 3.2.2)
      builder (~> 3.0.0)
    activerecord (3.2.2)
      activemodel (= 3.2.2)
      activesupport (= 3.2.2)
      arel (~> 3.0.2)
      tzinfo (~> 0.3.29)
    activeresource (3.2.2)
      activemodel (= 3.2.2)
      activesupport (= 3.2.2)
    activesupport (3.2.2)
      i18n (~> 0.6)
      multi_json (~> 1.0)
    addressable (2.2.7)
    allison (2.0.3)
    ansi (1.4.2)
    archive-tar-minitar (0.5.2)
    arel (3.0.2)
    beanstalk-client (1.1.1)
    builder (3.0.0)
    capybara (1.1.2)
      mime-types (>= 1.16)
      nokogiri (>= 1.3.3)
      rack (>= 1.0.0)
      rack-test (>= 0.5.4)
      selenium-webdriver (~> 2.0)
      xpath (~> 0.1.4)
    childprocess (0.3.1)
      ffi (~> 1.0.6)
    chronic (0.6.7)
    cocaine (0.2.1)
    coffee-rails (3.2.2)
      coffee-script (>= 2.2.0)
      railties (~> 3.2.0)
    coffee-script (2.2.0)
      coffee-script-source
      execjs
    coffee-script-source (1.2.0)
    colorize (0.5.8)
    columnize (0.3.6)
    commonjs (0.2.0)
      therubyracer (~> 0.9.9)
    daemons (1.1.8)
    database_cleaner (0.7.1)
    diff-display (0.0.1)
    diff-lcs (1.1.3)
    dynamic_form (1.0.0)
    echoe (4.6.3)
      allison (>= 2.0.3)
      gemcutter (>= 0.7.0)
      rake (>= 0.9.2)
      rdoc (>= 3.6.1)
      rubyforge (>= 2.0.4)
    erubis (2.7.0)
    execjs (1.3.0)
      multi_json (~> 1.0)
    factory_girl (2.6.0)
      activesupport (>= 2.3.9)
    factory_girl_rails (1.7.0)
      factory_girl (~> 2.6.0)
      railties (>= 3.0.0)
    faraday (0.7.6)
      addressable (~> 2.2)
      multipart-post (~> 1.1)
      rack (~> 1.1)
    ffi (1.0.11)
    foreman (0.40.0)
      term-ansicolor (~> 1.0.7)
      thor (>= 0.13.6)
    gemcutter (0.7.1)
    geoip (1.1.2)
    git (1.1.1)
    gon (2.1.0)
      actionpack (>= 2.3.0)
      json
    haml (3.1.4)
    haml-rails (0.3.4)
      actionpack (~> 3.0)
      activesupport (~> 3.0)
      haml (~> 3.0)
      railties (~> 3.0)
    hike (1.2.1)
    hirb (0.6.0)
    hodel_3000_compliant_logger (0.1.0)
    hoe (2.15.0)
      rake (~> 0.8)
    i18n (0.6.0)
    jar_wrapper (0.1.2)
      jeweler
      jeweler
      zip
      zip
    jeweler (1.0.2)
      git (>= 1.1.1)
      rubyforge
    journey (1.0.3)
    jquery-rails (2.0.1)
      railties (>= 3.2.0, < 5.0)
      thor (~> 0.14)
    json (1.6.5)
    json_pure (1.6.5)
    launchy (2.0.5)
      addressable (~> 2.2.6)
    less (2.0.9)
      commonjs (~> 0.2.0)
      therubyracer (~> 0.9.9)
    less-rails (2.1.6)
      actionpack (>= 3.1)
      less (~> 2.0.7)
    less-rails-bootstrap (2.0.6)
      less-rails (~> 2.1.0)
    libv8 (3.3.10.4)
    linecache19 (0.5.12)
      ruby_core_source (>= 0.1.4)
    mail (2.4.1)
      i18n (>= 0.4.0)
      mime-types (~> 1.16)
      treetop (~> 1.4.8)
    metaclass (0.0.1)
    mime-types (1.17.2)
    minitest (2.11.3)
    mocha (0.10.5)
      metaclass (~> 0.0.1)
    multi_json (1.1.0)
    multipart-post (1.1.5)
    mysql2 (0.3.10)
    nokogiri (1.5.0)
    oauth (0.4.4)
    oauth2 (0.5.2)
      faraday (~> 0.7)
      multi_json (~> 1.0)
    open4 (1.3.0)
    polyglot (0.3.3)
    rack (1.4.1)
    rack-cache (1.1)
      rack (>= 0.4)
    rack-openid (1.3.1)
      rack (>= 1.1.0)
      ruby-openid (>= 2.1.8)
    rack-ssl (1.3.2)
      rack
    rack-test (0.6.1)
      rack (>= 1.0)
    rails (3.2.2)
      actionmailer (= 3.2.2)
      actionpack (= 3.2.2)
      activerecord (= 3.2.2)
      activeresource (= 3.2.2)
      activesupport (= 3.2.2)
      bundler (~> 1.0)
      railties (= 3.2.2)
    rails-dev-tweaks (0.6.1)
      actionpack (~> 3.1)
      railties (~> 3.1)
    rails_autolink (1.0.5)
      rails (~> 3.1)
    railties (3.2.2)
      actionpack (= 3.2.2)
      activesupport (= 3.2.2)
      rack-ssl (~> 1.3.2)
      rake (>= 0.8.7)
      rdoc (~> 3.4)
      thor (~> 0.14.6)
    rake (0.9.2.2)
    rdiscount (1.6.8)
    rdoc (3.12)
      json (~> 1.4)
    riddle (1.5.1)
    rspec (2.8.0)
      rspec-core (~> 2.8.0)
      rspec-expectations (~> 2.8.0)
      rspec-mocks (~> 2.8.0)
    rspec-core (2.8.0)
    rspec-expectations (2.8.0)
      diff-lcs (~> 1.1.2)
    rspec-mocks (2.8.0)
    rspec-rails (2.8.1)
      actionpack (>= 3.0)
      activesupport (>= 3.0)
      railties (>= 3.0)
      rspec (~> 2.8.0)
    ruby-debug-base19 (0.11.25)
      columnize (>= 0.3.1)
      linecache19 (>= 0.5.11)
      ruby_core_source (>= 0.1.4)
    ruby-debug19 (0.11.6)
      columnize (>= 0.3.1)
      linecache19 (>= 0.5.11)
      ruby-debug-base19 (>= 0.11.19)
    ruby-openid (2.1.8)
    ruby-yadis (0.3.4)
    ruby_core_source (0.1.5)
      archive-tar-minitar (>= 0.5.2)
    rubyforge (2.0.4)
      json_pure (>= 1.1.7)
    rubyzip (0.9.6.1)
    sass (3.1.15)
    sass-rails (3.2.4)
      railties (~> 3.2.0)
      sass (>= 3.1.10)
      tilt (~> 1.3)
    selenium (0.2.5)
      jar_wrapper
      jeweler
    selenium-webdriver (2.20.0)
      childprocess (>= 0.2.5)
      ffi (~> 1.0)
      multi_json (~> 1.0)
      rubyzip
    spine-rails (0.1.0)
      rails (>= 3.1.0)
    spork (0.9.0)
    sprockets (2.1.2)
      hike (~> 1.2)
      rack (~> 1.0)
      tilt (~> 1.1, != 1.3.0)
    state_machine (1.1.2)
    term-ansicolor (1.0.7)
    therubyracer (0.9.10)
      libv8 (~> 3.3.10)
    thor (0.14.6)
    tilt (1.3.3)
    treetop (1.4.10)
      polyglot
      polyglot (>= 0.3.1)
    turn (0.9.3)
      ansi
    tzinfo (0.3.31)
    uglifier (1.2.3)
      execjs (>= 0.3.0)
      multi_json (>= 1.0.2)
    will_paginate (3.0.3)
    xpath (0.1.4)
      nokogiri (~> 1.3)
    zip (2.0.2)

PLATFORMS
  ruby

DEPENDENCIES
  active_attr
  activemessaging!
  beanstalk-client
  builder
  capybara
  chronic
  coffee-rails (~> 3.2.0)
  colorize
  daemons
  database_cleaner
  diff-display (= 0.0.1)
  diff-lcs
  dynamic_form (= 1.0.0)
  echoe
  exception_notification!
  factory_girl_rails
  foreman
  gash!
  geoip
  git (= 1.1.1)
  gon
  grit!
  haml-rails
  hirb
  hodel_3000_compliant_logger
  hoe
  jquery-rails
  launchy
  less-rails-bootstrap
  localized_dates!
  mime-types
  minitest
  mocha
  mysql2 (= 0.3.10)
  oauth (= 0.4.4)
  oauth2
  paperclip!
  rack-openid
  rails (~> 3.2)
  rails-dev-tweaks (~> 0.6.1)
  rails_autolink
  rdiscount
  rdoc
  riddle
  rspec
  rspec-rails
  ruby-debug19
  ruby-openid (= 2.1.8)
  ruby-yadis
  sass-rails (~> 3.2.0)
  selenium
  shoulda!
  spine-rails
  spork (= 0.9.0)
  spork-testunit!
  state_machine
  term-ansicolor
  turn
  uglifier
  will_paginate
