GIT
  remote: git://github.com/bmaddy/shoulda.git
  revision: 46e70f6ef56b67b7712e23673a1beb63215f8dd5
  branch: rails3
  specs:
    shoulda (2.10.3)

GIT
  remote: git://github.com/kookster/activemessaging.git
  revision: 1c9e1ce5e7cc70e47937562bcc403557d70e6c30
  specs:
    activemessaging (0.9.0)
      activesupport (>= 1.0.0)

GIT
  remote: git://github.com/smartinez87/exception_notification.git
  revision: 63d9d483fab05340dd5392269c3a6f5b08721267
  specs:
    exception_notification (2.5.2)
      actionmailer (>= 3.0.4)

GIT
  remote: git://github.com/thoughtbot/paperclip.git
  revision: 772c8e96d8fdd8293e3745138287e3a4e9181e20
  specs:
    paperclip (2.5.2)
      activerecord (>= 2.3.0)
      activesupport (>= 2.3.2)
      cocaine (>= 0.0.2)
      mime-types

GIT
  remote: http://github.com/thoughtbot/factory_girl.git
  revision: c103ca1a6dc1593d44ee946e1a4d7d74e02a48d0
  specs:
    factory_girl (2.5.1)
      activesupport (>= 2.3.9)

GEM
  remote: http://rubygems.org/
  specs:
    abstract (1.0.0)
    actionmailer (3.0.10)
      actionpack (= 3.0.10)
      mail (~> 2.2.19)
    actionpack (3.0.10)
      activemodel (= 3.0.10)
      activesupport (= 3.0.10)
      builder (~> 2.1.2)
      erubis (~> 2.6.6)
      i18n (~> 0.5.0)
      rack (~> 1.2.1)
      rack-mount (~> 0.6.14)
      rack-test (~> 0.5.7)
      tzinfo (~> 0.3.23)
    activemodel (3.0.10)
      activesupport (= 3.0.10)
      builder (~> 2.1.2)
      i18n (~> 0.5.0)
    activerecord (3.0.10)
      activemodel (= 3.0.10)
      activesupport (= 3.0.10)
      arel (~> 2.0.10)
      tzinfo (~> 0.3.23)
    activeresource (3.0.10)
      activemodel (= 3.0.10)
      activesupport (= 3.0.10)
    activesupport (3.0.10)
    acts_as_relation (0.1)
      activerecord
    addressable (2.2.6)
    allison (2.0.3)
    archive-tar-minitar (0.5.2)
    arel (2.0.10)
    beanstalk-client (1.1.1)
    builder (2.1.2)
    capybara (1.1.2)
      mime-types (>= 1.16)
      nokogiri (>= 1.3.3)
      rack (>= 1.0.0)
      rack-test (>= 0.5.4)
      selenium-webdriver (~> 2.0)
      xpath (~> 0.1.4)
    childprocess (0.3.1)
      ffi (~> 1.0.6)
    chronic (0.6.7)
    cocaine (0.2.1)
    colorize (0.5.8)
    columnize (0.3.6)
    daemons (1.1.6)
    database_cleaner (0.7.1)
    diff-lcs (1.1.3)
    echoe (4.6.3)
      allison (>= 2.0.3)
      gemcutter (>= 0.7.0)
      rake (>= 0.9.2)
      rdoc (>= 3.6.1)
      rubyforge (>= 2.0.4)
    erubis (2.6.6)
      abstract (>= 1.0.0)
    factory_girl_rails (1.6.0)
      factory_girl (~> 2.5.0)
      railties (>= 3.0.0)
    faraday (0.7.6)
      addressable (~> 2.2)
      multipart-post (~> 1.1)
      rack (~> 1.1)
    ffi (1.0.11)
    foreman (0.38.0)
      term-ansicolor (~> 1.0.7)
      thor (>= 0.13.6)
    gemcutter (0.7.1)
    geoip (1.1.2)
    git (1.2.5)
    hirb (0.6.0)
    hoe (2.13.0)
      rake (~> 0.8)
    i18n (0.5.0)
    jar_wrapper (0.1.2)
      jeweler
      jeweler
      zip
      zip
    jeweler (1.8.3)
      bundler (~> 1.0)
      git (>= 1.2.5)
      rake
      rdoc
    json (1.6.5)
    json_pure (1.6.5)
    launchy (2.0.5)
      addressable (~> 2.2.6)
    linecache19 (0.5.12)
      ruby_core_source (>= 0.1.4)
    mail (2.2.19)
      activesupport (>= 2.3.6)
      i18n (>= 0.4.0)
      mime-types (~> 1.16)
      treetop (~> 1.4.8)
    metaclass (0.0.1)
    mime-types (1.17.2)
    minitest (2.11.1)
    mocha (0.10.3)
      metaclass (~> 0.0.1)
    multi_json (1.0.4)
    multipart-post (1.1.4)
    mysql (2.8.1)
    nokogiri (1.5.0)
    oauth (0.4.4)
    oauth2 (0.5.2)
      faraday (~> 0.7)
      multi_json (~> 1.0)
    polyglot (0.3.3)
    rack (1.2.5)
    rack-mount (0.6.14)
      rack (>= 1.0.0)
    rack-openid (1.3.1)
      rack (>= 1.1.0)
      ruby-openid (>= 2.1.8)
    rack-test (0.5.7)
      rack (>= 1.0)
    rails (3.0.10)
      actionmailer (= 3.0.10)
      actionpack (= 3.0.10)
      activerecord (= 3.0.10)
      activeresource (= 3.0.10)
      activesupport (= 3.0.10)
      bundler (~> 1.0)
      railties (= 3.0.10)
    railties (3.0.10)
      actionpack (= 3.0.10)
      activesupport (= 3.0.10)
      rake (>= 0.8.7)
      rdoc (~> 3.4)
      thor (~> 0.14.4)
    rake (0.9.2.2)
    rdiscount (1.3.1.1)
    rdoc (3.12)
      json (~> 1.4)
    riddle (1.5.1)
    rspec (2.8.0)
      rspec-core (~> 2.8.0)
      rspec-expectations (~> 2.8.0)
      rspec-mocks (~> 2.8.0)
    rspec-core (2.8.0)
    rspec-expectations (2.8.0)
      diff-lcs (~> 1.1.2)
    rspec-mocks (2.8.0)
    rspec-rails (2.8.1)
      actionpack (>= 3.0)
      activesupport (>= 3.0)
      railties (>= 3.0)
      rspec (~> 2.8.0)
    ruby-debug-base19 (0.11.25)
      columnize (>= 0.3.1)
      linecache19 (>= 0.5.11)
      ruby_core_source (>= 0.1.4)
    ruby-debug19 (0.11.6)
      columnize (>= 0.3.1)
      linecache19 (>= 0.5.11)
      ruby-debug-base19 (>= 0.11.19)
    ruby-openid (2.1.8)
    ruby-yadis (0.3.4)
    ruby_core_source (0.1.5)
      archive-tar-minitar (>= 0.5.2)
    rubyforge (2.0.4)
      json_pure (>= 1.1.7)
    rubyzip (0.9.5)
    selenium (0.2.5)
      jar_wrapper
      jeweler
    selenium-webdriver (2.18.0)
      childprocess (>= 0.2.5)
      ffi (~> 1.0.9)
      multi_json (~> 1.0.4)
      rubyzip
    spork (0.9.0)
    spork-testunit (0.0.7)
      spork (>= 0.6.0)
    state_machine (1.1.2)
    term-ansicolor (1.0.7)
    thor (0.14.6)
    treetop (1.4.10)
      polyglot
      polyglot (>= 0.3.1)
    tzinfo (0.3.31)
    will_paginate (3.0.3)
    xpath (0.1.4)
      nokogiri (~> 1.3)
    zip (2.0.2)

PLATFORMS
  ruby

DEPENDENCIES
  activemessaging!
  acts_as_relation
  beanstalk-client
  builder
  capybara
  chronic
  colorize
  daemons
  database_cleaner
  diff-lcs
  echoe
  exception_notification!
  factory_girl!
  factory_girl_rails
  foreman
  geoip
  hirb
  hoe
  launchy
  mime-types
  minitest
  mocha
  mysql
  oauth (= 0.4.4)
  oauth2
  paperclip!
  rack-openid
  rails (= 3.0.10)
  rdiscount (= 1.3.1.1)
  rdoc
  riddle
  rspec
  rspec-rails
  ruby-debug19
  ruby-openid (= 2.1.8)
  ruby-yadis
  selenium
  shoulda!
  spork (= 0.9.0)
  spork-testunit
  state_machine
  term-ansicolor
  will_paginate
