GIT
  remote: git://github.com/bmaddy/shoulda.git
  revision: 46e70f6ef56b67b7712e23673a1beb63215f8dd5
  branch: rails3
  specs:
    shoulda (2.10.3)

GIT
  remote: git://github.com/smartinez87/exception_notification.git
  revision: 8d081676092f888da4ab48b5ab8b19bd5ca28d87
  specs:
    exception_notification (2.5.2)
      actionmailer (>= 3.0.4)

GIT
  remote: git://github.com/thoughtbot/paperclip.git
  revision: 1cb40e352eaa0f42560021c32705933f4d4eb46a
  specs:
    paperclip (2.5.2)
      activerecord (>= 2.3.0)
      activesupport (>= 2.3.2)
      cocaine (>= 0.0.2)
      mime-types

GIT
  remote: http://github.com/thoughtbot/factory_girl.git
  revision: 850116da11077c56cacb065924eaa655a517c09c
  specs:
    factory_girl (2.5.0)
      activesupport

GEM
  remote: http://rubygems.org/
  specs:
    abstract (1.0.0)
    actionmailer (3.0.10)
      actionpack (= 3.0.10)
      mail (~> 2.2.19)
    actionpack (3.0.10)
      activemodel (= 3.0.10)
      activesupport (= 3.0.10)
      builder (~> 2.1.2)
      erubis (~> 2.6.6)
      i18n (~> 0.5.0)
      rack (~> 1.2.1)
      rack-mount (~> 0.6.14)
      rack-test (~> 0.5.7)
      tzinfo (~> 0.3.23)
    activemessaging (0.9.0)
      activesupport (>= 1.0.0)
    activemodel (3.0.10)
      activesupport (= 3.0.10)
      builder (~> 2.1.2)
      i18n (~> 0.5.0)
    activerecord (3.0.10)
      activemodel (= 3.0.10)
      activesupport (= 3.0.10)
      arel (~> 2.0.10)
      tzinfo (~> 0.3.23)
    activeresource (3.0.10)
      activemodel (= 3.0.10)
      activesupport (= 3.0.10)
    activesupport (3.0.10)
    addressable (2.2.6)
    allison (2.0.3)
    ansi (1.4.2)
    archive-tar-minitar (0.5.2)
    arel (2.0.10)
    beanstalk-client (1.1.1)
    builder (2.1.2)
    chronic (0.6.6)
    cocaine (0.2.1)
    colorize (0.5.8)
    columnize (0.3.6)
    daemons (1.1.6)
    diff-lcs (1.1.3)
    echoe (4.6.3)
      allison (>= 2.0.3)
      gemcutter (>= 0.7.0)
      rake (>= 0.9.2)
      rdoc (>= 3.6.1)
      rubyforge (>= 2.0.4)
    erubis (2.6.6)
      abstract (>= 1.0.0)
    factory_girl_rails (1.6.0)
      factory_girl (~> 2.5.0)
      railties (>= 3.0.0)
    faraday (0.7.6)
      addressable (~> 2.2)
      multipart-post (~> 1.1)
      rack (~> 1.1)
    foreman (0.37.2)
      term-ansicolor (~> 1.0.7)
      thor (>= 0.13.6)
    gemcutter (0.7.1)
    geoip (1.1.2)
    hirb (0.6.0)
    hoe (2.13.0)
      rake (~> 0.8)
    i18n (0.5.0)
    json (1.6.5)
    json_pure (1.6.5)
    linecache19 (0.5.12)
      ruby_core_source (>= 0.1.4)
    mail (2.2.19)
      activesupport (>= 2.3.6)
      i18n (>= 0.4.0)
      mime-types (~> 1.16)
      treetop (~> 1.4.8)
    metaclass (0.0.1)
    mime-types (1.17.2)
    minitest (2.11.0)
    mocha (0.10.3)
      metaclass (~> 0.0.1)
    multi_json (1.0.4)
    multipart-post (1.1.4)
    mysql (2.8.1)
    oauth (0.4.4)
    oauth2 (0.5.2)
      faraday (~> 0.7)
      multi_json (~> 1.0)
    polyglot (0.3.3)
    rack (1.2.5)
    rack-mount (0.6.14)
      rack (>= 1.0.0)
    rack-openid (1.3.1)
      rack (>= 1.1.0)
      ruby-openid (>= 2.1.8)
    rack-test (0.5.7)
      rack (>= 1.0)
    rails (3.0.10)
      actionmailer (= 3.0.10)
      actionpack (= 3.0.10)
      activerecord (= 3.0.10)
      activeresource (= 3.0.10)
      activesupport (= 3.0.10)
      bundler (~> 1.0)
      railties (= 3.0.10)
    railties (3.0.10)
      actionpack (= 3.0.10)
      activesupport (= 3.0.10)
      rake (>= 0.8.7)
      rdoc (~> 3.4)
      thor (~> 0.14.4)
    rake (0.9.2.2)
    rdiscount (1.3.1.1)
    rdoc (3.12)
      json (~> 1.4)
    riddle (1.5.1)
    ruby-debug-base19 (0.11.25)
      columnize (>= 0.3.1)
      linecache19 (>= 0.5.11)
      ruby_core_source (>= 0.1.4)
    ruby-debug19 (0.11.6)
      columnize (>= 0.3.1)
      linecache19 (>= 0.5.11)
      ruby-debug-base19 (>= 0.11.19)
    ruby-openid (2.1.8)
    ruby-yadis (0.3.4)
    ruby_core_source (0.1.5)
      archive-tar-minitar (>= 0.5.2)
    rubyforge (2.0.4)
      json_pure (>= 1.1.7)
    spork (1.0.0rc1)
    spork-testunit (0.0.7)
      spork (>= 0.6.0)
    state_machine (1.1.2)
    term-ansicolor (1.0.7)
    thor (0.14.6)
    treetop (1.4.10)
      polyglot
      polyglot (>= 0.3.1)
    turn (0.8.3)
      ansi
    tzinfo (0.3.31)
    will_paginate (3.0.2)

PLATFORMS
  ruby

DEPENDENCIES
  activemessaging
  beanstalk-client
  builder
  chronic
  colorize
  daemons
  diff-lcs
  echoe
  exception_notification!
  factory_girl!
  factory_girl_rails
  foreman
  geoip
  hirb
  hoe
  mime-types
  minitest
  mocha
  mysql
  oauth (= 0.4.4)
  oauth2
  paperclip!
  rack-openid
  rails (= 3.0.10)
  rdiscount (= 1.3.1.1)
  rdoc
  riddle
  ruby-debug19
  ruby-openid (= 2.1.8)
  ruby-yadis
  shoulda!
  spork (~> 1.0rc)
  spork-testunit
  state_machine
  term-ansicolor
  turn
  will_paginate
